GEM
  remote: https://rubygems.org/
  specs:
    base64 (0.2.0)
    bson (5.0.1)
    coderay (1.1.3)
    diff-lcs (1.5.1)
    dotenv (2.8.1)
    ffi (1.17.0)
    ffi-rzmq (2.0.7)
      ffi-rzmq-core (>= 1.0.7)
    ffi-rzmq-core (1.0.7)
      ffi
    json (2.7.2)
    method_source (1.1.0)
    mongo (2.20.1)
      bson (>= 4.14.1, < 6.0.0)
    mustermann (3.0.1)
      ruby2_keywords (~> 0.0.1)
    nio4r (2.7.3)
    pry (0.14.2)
      coderay (~> 1.1)
      method_source (~> 1.0)
    puma (6.4.2)
      nio4r (~> 2.0)
    rack (2.2.9)
    rack-protection (3.2.0)
      base64 (>= 0.1.0)
      rack (~> 2.2, >= 2.2.4)
    rake (13.2.1)
    rspec (3.13.0)
      rspec-core (~> 3.13.0)
      rspec-expectations (~> 3.13.0)
      rspec-mocks (~> 3.13.0)
    rspec-core (3.13.0)
      rspec-support (~> 3.13.0)
    rspec-expectations (3.13.1)
      diff-lcs (>= 1.2.0, < 2.0)
      rspec-support (~> 3.13.0)
    rspec-mocks (3.13.1)
      diff-lcs (>= 1.2.0, < 2.0)
      rspec-support (~> 3.13.0)
    rspec-support (3.13.1)
    ruby2_keywords (0.0.5)
    sinatra (3.2.0)
      mustermann (~> 3.0)
      rack (~> 2.2, >= 2.2.4)
      rack-protection (= 3.2.0)
      tilt (~> 2.0)
    tilt (2.4.0)

PLATFORMS
  x86_64-linux

DEPENDENCIES
  dotenv (~> 2.8)
  ffi-rzmq (~> 2.0)
  json (~> 2.6)
  mongo (~> 2.15)
  pry (~> 0.14)
  puma (~> 6.0)
  rake (~> 13.0)
  rspec (~> 3.12)
  sinatra (~> 3.0)

RUBY VERSION
   ruby 3.0.2p107

BUNDLED WITH
   2.3.5
